GEM
  remote: http://rubygems.org/
  specs:
    actionmailer (3.2.15)
      actionpack (= 3.2.15)
      mail (~> 2.5.4)
    actionpack (3.2.15)
      activemodel (= 3.2.15)
      activesupport (= 3.2.15)
      builder (~> 3.0.0)
      erubis (~> 2.7.0)
      journey (~> 1.0.4)
      rack (~> 1.4.5)
      rack-cache (~> 1.2)
      rack-test (~> 0.6.1)
      sprockets (~> 2.2.1)
    activemodel (3.2.15)
      activesupport (= 3.2.15)
      builder (~> 3.0.0)
    activerecord (3.2.15)
      activemodel (= 3.2.15)
      activesupport (= 3.2.15)
      arel (~> 3.0.2)
      tzinfo (~> 0.3.29)
    activeresource (3.2.15)
      activemodel (= 3.2.15)
      activesupport (= 3.2.15)
    activesupport (3.2.15)
      i18n (~> 0.6, >= 0.6.4)
      multi_json (~> 1.0)
    arel (3.0.3)
    axiom-types (0.1.1)
      descendants_tracker (~> 0.0.4)
      ice_nine (~> 0.11.0)
      thread_safe (~> 0.3, >= 0.3.1)
    builder (3.0.4)
    coderay (1.0.9)
    coercible (1.0.0)
      descendants_tracker (~> 0.0.1)
    coffee-rails (3.2.2)
      coffee-script (>= 2.2.0)
      railties (~> 3.2.0)
    coffee-script (2.3.0)
      coffee-script-source
      execjs
    coffee-script-source (1.9.1)
    descendants_tracker (0.0.4)
      thread_safe (~> 0.3, >= 0.3.1)
    equalizer (0.0.9)
    erubis (2.7.0)
    execjs (2.4.0)
    grape (0.6.1)
      activesupport
      builder
      hashie (>= 1.2.0)
      multi_json (>= 1.3.2)
      multi_xml (>= 0.5.2)
      rack (>= 1.3.0)
      rack-accept
      rack-mount
      virtus (>= 1.0.0)
    grape-entity (0.4.5)
      activesupport
      multi_json (>= 1.3.2)
    grape-swagger (0.8.0)
      grape
      grape-entity
    hashie (2.1.2)
    hike (1.2.3)
    i18n (0.7.0)
    ice_nine (0.11.0)
    journey (1.0.4)
    jquery-rails (3.1.2)
      railties (>= 3.0, < 5.0)
      thor (>= 0.14, < 2.0)
    json (1.8.2)
    mail (2.5.4)
      mime-types (~> 1.16)
      treetop (~> 1.4.8)
    method_source (0.8.2)
    mime-types (1.25.1)
    multi_json (1.11.0)
    multi_xml (0.5.5)
    polyglot (0.3.5)
    pry (0.9.12.2)
      coderay (~> 1.0.5)
      method_source (~> 0.8)
      slop (~> 3.4)
    pry-nav (0.2.3)
      pry (~> 0.9.10)
    rack (1.4.5)
    rack-accept (0.4.5)
      rack (>= 0.4)
    rack-cache (1.2)
      rack (>= 0.4)
    rack-mount (0.8.3)
      rack (>= 1.0.0)
    rack-ssl (1.3.4)
      rack
    rack-test (0.6.3)
      rack (>= 1.0)
    rails (3.2.15)
      actionmailer (= 3.2.15)
      actionpack (= 3.2.15)
      activerecord (= 3.2.15)
      activeresource (= 3.2.15)
      activesupport (= 3.2.15)
      bundler (~> 1.0)
      railties (= 3.2.15)
    railties (3.2.15)
      actionpack (= 3.2.15)
      activesupport (= 3.2.15)
      rack-ssl (~> 1.3.2)
      rake (>= 0.8.7)
      rdoc (~> 3.4)
      thor (>= 0.14.6, < 2.0)
    rake (10.4.2)
    rdoc (3.12.2)
      json (~> 1.4)
    sass (3.4.13)
    sass-rails (3.2.6)
      railties (~> 3.2.0)
      sass (>= 3.1.10)
      tilt (~> 1.3)
    slop (3.6.0)
    sprockets (2.2.3)
      hike (~> 1.2)
      multi_json (~> 1.0)
      rack (~> 1.0)
      tilt (~> 1.1, != 1.3.0)
    sqlite3 (1.3.10)
    swagger-ui_rails (0.1.7)
    thor (0.19.1)
    thread_safe (0.3.4)
    tilt (1.4.1)
    treetop (1.4.15)
      polyglot
      polyglot (>= 0.3.1)
    tzinfo (0.3.43)
    uglifier (2.7.1)
      execjs (>= 0.3.0)
      json (>= 1.8.0)
    virtus (1.0.3)
      axiom-types (~> 0.1)
      coercible (~> 1.0)
      descendants_tracker (~> 0.0, >= 0.0.3)
      equalizer (~> 0.0, >= 0.0.9)

PLATFORMS
  ruby

DEPENDENCIES
  coffee-rails (~> 3.2.1)
  grape
  grape-swagger
  jquery-rails
  pry
  pry-nav
  rails (= 3.2.15)
  sass-rails (~> 3.2.3)
  sqlite3
  swagger-ui_rails
  uglifier (>= 1.0.3)
